GEM
  remote: https://rubygems.org/
  specs:
    diff-lcs (1.2.4)
    flay (2.3.0)
      ruby_parser (~> 3.0)
      sexp_processor (~> 4.0)
    flog (4.1.0)
      ruby_parser (~> 3.1, > 3.1.0)
      sexp_processor (~> 4.0)
    fuubar (1.1.1)
      rspec (~> 2.0)
      rspec-instafail (~> 0.2.0)
      ruby-progressbar (~> 1.0)
    reek (1.3.1)
      ruby2ruby (~> 2.0.2)
      ruby_parser (~> 3.1.1)
      sexp_processor
    rspec (2.13.0)
      rspec-core (~> 2.13.0)
      rspec-expectations (~> 2.13.0)
      rspec-mocks (~> 2.13.0)
    rspec-core (2.13.1)
    rspec-expectations (2.13.0)
      diff-lcs (>= 1.1.3, < 2.0)
    rspec-instafail (0.2.4)
    rspec-mocks (2.13.1)
    ruby-progressbar (1.1.1)
    ruby2ruby (2.0.6)
      ruby_parser (~> 3.1)
      sexp_processor (~> 4.0)
    ruby_parser (3.1.3)
      sexp_processor (~> 4.1)
    sexp_processor (4.2.1)

PLATFORMS
  ruby

DEPENDENCIES
  flay (~> 2.3.0)
  flog
  fuubar
  reek (~> 1.3.1)
  rspec (~> 2.13.0)
  ruby2ruby (~> 2.0.6)
  ruby_parser (~> 3.1.3)
