GEM
  specs:
    ruby_parser (3.1.3)
      sexp_processor (~> 4.1)
    sexp_processor (4.2.1)

PLATFORMS
  ruby

DEPENDENCIES
  ruby_parser (~> 3.1.3)
